GEM
  remote: https://rubygems.org/
  specs:
    diff-lcs (1.2.5)
    pdf-core (0.1.6)
    prawn (0.15.0)
      pdf-core (~> 0.1.3)
      ttfunk (~> 1.1.0)
    rspec (2.14.1)
      rspec-core (~> 2.14.0)
      rspec-expectations (~> 2.14.0)
      rspec-mocks (~> 2.14.0)
    rspec-core (2.14.7)
    rspec-expectations (2.14.5)
      diff-lcs (>= 1.1.3, < 2.0)
    rspec-mocks (2.14.6)
    ttfunk (1.1.1)

PLATFORMS
  ruby

DEPENDENCIES
  prawn (~> 0.15)
  rspec (~> 2.14)
